BrainVision Data Exchange Header File Version 2.0
; Data created from history path: 12/Raw Data/Raw Data Inspection/New Reference/Filters/Ocular Correction ICA/Segmentation S101/Baseline Correction/Artifact Rejection/Average

[Common Infos]
Codepage=UTF-8
DataFile=$p.dat
DataFormat=ASCII
; Data orientation: VECTORIZED=ch1,pt1, ch1,pt2..., MULTIPLEXED=ch1,pt1, ch2,pt1 ...
DataOrientation=VECTORIZED
DataType=TIMEDOMAIN
NumberOfChannels=36
DataPoints=600
; Sampling interval in microseconds if time domain (convert to Hertz:
; 1000000 / SamplingInterval) or in Hertz if frequency domain:
SamplingInterval=2000
SegmentationType=MARKERBASED
SegmentDataPoints=600
Averaged=YES
AveragedSegments=41

[User Infos]
; Each entry: Prop<Number>=<Type>,<Name>,<Value>,<Value2>,...,<ValueN>
; Property number must be unique. Types can be int, single, string, bool, byte, double, uint
; or arrays of those, indicated int-array etc
; Array types have more than one value, number of values determines size of array.
; Fields are delimited by commas, commas in strings are written \1

[ASCII Infos]
; Decimal symbol for floating point numbers: the header file always uses a dot (.),
; however the data file might use a different one
DecimalSymbol=,
; SkipLines, SkipColumns: leading lines and columns with additional information.
SkipLines=0
SkipColumns=1

[Channel Infos]
; Each entry: Ch<Channel number>=<Name>,<Reference channel name>,
; <Resolution in "Unit">,<Unit>, Future extensions...
; Fields are delimited by commas, some fields might be omitted (empty).
; Commas in channel names are coded as "\1".
Ch1=Fp1,mastoids,,µV
Ch2=Fz,mastoids,,µV
Ch3=F3,mastoids,,µV
Ch4=F7,mastoids,,µV
Ch5=FT9,mastoids,,µV
Ch6=FC5,mastoids,,µV
Ch7=FC1,mastoids,,µV
Ch8=C3,mastoids,,µV
Ch9=T7,mastoids,,µV
Ch10=TP9,,,µV
Ch11=CP5,mastoids,,µV
Ch12=CP1,mastoids,,µV
Ch13=Pz,mastoids,,µV
Ch14=P3,mastoids,,µV
Ch15=P7,mastoids,,µV
Ch16=O1,mastoids,,µV
Ch17=Oz,mastoids,,µV
Ch18=O2,mastoids,,µV
Ch19=P4,mastoids,,µV
Ch20=P8,mastoids,,µV
Ch21=TP10,,,µV
Ch22=CP6,mastoids,,µV
Ch23=CP2,mastoids,,µV
Ch24=Cz,mastoids,,µV
Ch25=C4,mastoids,,µV
Ch26=T8,mastoids,,µV
Ch27=FT10,mastoids,,µV
Ch28=FC6,mastoids,,µV
Ch29=FC2,mastoids,,µV
Ch30=F4,mastoids,,µV
Ch31=F8,mastoids,,µV
Ch32=Fp2,mastoids,,µV
Ch33=x_dir,,,mg
Ch34=y_dir,,,mg
Ch35=z_dir,,,mg
Ch36=FCz,mastoids,,µV

[Channel User Infos]
; Each entry: Prop<Number>=Ch<ChannelNumber>,<Type>,<Name>,<Value>,<Value2>,...,<ValueN>
; Property number must be unique. Types can be int, single, string, bool, byte, double, uint
; or arrays of those, indicated int-array etc
; Array types have more than one value, number of values determines size of array.
; Fields are delimited by commas, commas in strings are written \1
; Properties are assigned to channels using their channel number.
Prop1=Ch1,int,BrainVision.ChannelAveragedSegments,41
Prop2=Ch2,int,BrainVision.ChannelAveragedSegments,41
Prop3=Ch3,int,BrainVision.ChannelAveragedSegments,41
Prop4=Ch4,int,BrainVision.ChannelAveragedSegments,41
Prop5=Ch5,int,BrainVision.ChannelAveragedSegments,41
Prop6=Ch6,int,BrainVision.ChannelAveragedSegments,41
Prop7=Ch7,int,BrainVision.ChannelAveragedSegments,41
Prop8=Ch8,int,BrainVision.ChannelAveragedSegments,41
Prop9=Ch9,int,BrainVision.ChannelAveragedSegments,41
Prop10=Ch10,int,BrainVision.ChannelAveragedSegments,41
Prop11=Ch11,int,BrainVision.ChannelAveragedSegments,41
Prop12=Ch12,int,BrainVision.ChannelAveragedSegments,41
Prop13=Ch13,int,BrainVision.ChannelAveragedSegments,41
Prop14=Ch14,int,BrainVision.ChannelAveragedSegments,41
Prop15=Ch15,int,BrainVision.ChannelAveragedSegments,41
Prop16=Ch16,int,BrainVision.ChannelAveragedSegments,41
Prop17=Ch17,int,BrainVision.ChannelAveragedSegments,41
Prop18=Ch18,int,BrainVision.ChannelAveragedSegments,41
Prop19=Ch19,int,BrainVision.ChannelAveragedSegments,41
Prop20=Ch20,int,BrainVision.ChannelAveragedSegments,41
Prop21=Ch21,int,BrainVision.ChannelAveragedSegments,41
Prop22=Ch22,int,BrainVision.ChannelAveragedSegments,41
Prop23=Ch23,int,BrainVision.ChannelAveragedSegments,41
Prop24=Ch24,int,BrainVision.ChannelAveragedSegments,41
Prop25=Ch25,int,BrainVision.ChannelAveragedSegments,41
Prop26=Ch26,int,BrainVision.ChannelAveragedSegments,41
Prop27=Ch27,int,BrainVision.ChannelAveragedSegments,41
Prop28=Ch28,int,BrainVision.ChannelAveragedSegments,41
Prop29=Ch29,int,BrainVision.ChannelAveragedSegments,41
Prop30=Ch30,int,BrainVision.ChannelAveragedSegments,41
Prop31=Ch31,int,BrainVision.ChannelAveragedSegments,41
Prop32=Ch32,int,BrainVision.ChannelAveragedSegments,41
Prop33=Ch33,int,BrainVision.ChannelAveragedSegments,41
Prop34=Ch34,int,BrainVision.ChannelAveragedSegments,41
Prop35=Ch35,int,BrainVision.ChannelAveragedSegments,41
Prop36=Ch36,int,BrainVision.ChannelAveragedSegments,41

[Coordinates]
; Each entry: Ch<Channel number>=<Radius>,<Theta>,<Phi>
Ch1=1,-90,-72
Ch2=1,45,90
Ch3=1,-60,-51
Ch4=1,-90,-36
Ch5=1,-113,-18
Ch6=1,-69,-22
Ch7=1,-31,-46
Ch8=1,-45,0
Ch9=1,-90,0
Ch10=1,-113,18
Ch11=1,-69,21
Ch12=1,-31,46
Ch13=1,45,-90
Ch14=1,-60,51
Ch15=1,-90,36
Ch16=1,-90,72
Ch17=1,90,-90
Ch18=1,90,-72
Ch19=1,60,-51
Ch20=1,90,-36
Ch21=1,113,-18
Ch22=1,69,-21
Ch23=1,31,-46
Ch24=1,0,0
Ch25=1,45,0
Ch26=1,90,0
Ch27=1,113,18
Ch28=1,69,21
Ch29=1,31,46
Ch30=1,60,51
Ch31=1,90,36
Ch32=1,90,72
Ch33=0,0,0
Ch34=0,0,0
Ch35=0,0,0
Ch36=1,23,90
