BrainVision Data Exchange Header File Version 2.0
; Data created from history path: 6/Raw Data/Raw Data Inspection/New Reference/Filters/Ocular Correction ICA/Segmentation S1/Artifact Rejection/Segmentation S103 tbt

[Common Infos]
Codepage=UTF-8
DataFile=6_trialbytrial_S1_S103.txt
DataFormat=ASCII
; Data orientation: VECTORIZED=ch1,pt1, ch1,pt2..., MULTIPLEXED=ch1,pt1, ch2,pt1 ...
DataOrientation=VECTORIZED
DataType=TIMEDOMAIN
NumberOfChannels=31
DataPoints=15000
; Sampling interval in microseconds if time domain (convert to Hertz:
; 1000000 / SamplingInterval) or in Hertz if frequency domain:
SamplingInterval=2000
SegmentationType=MARKERBASED
SegmentDataPoints=600

[User Infos]
; Each entry: Prop<Number>=<Type>,<Name>,<Value>,<Value2>,...,<ValueN>
; Property number must be unique. Types can be int, single, string, bool, byte, double, uint
; or arrays of those, indicated int-array etc
; Array types have more than one value, number of values determines size of array.
; Fields are delimited by commas, commas in strings are written \1

[ASCII Infos]
; Decimal symbol for floating point numbers: the header file always uses a dot (.),
; however the data file might use a different one
DecimalSymbol=,
; SkipLines, SkipColumns: leading lines and columns with additional information.
SkipLines=0
SkipColumns=1

[Channel Infos]
; Each entry: Ch<Channel number>=<Name>,<Reference channel name>,
; <Resolution in "Unit">,<Unit>, Future extensions...
; Fields are delimited by commas, some fields might be omitted (empty).
; Commas in channel names are coded as "\1".
Ch1=Fp1,mastoids,,?V
Ch2=Fz,mastoids,,?V
Ch3=F3,mastoids,,?V
Ch4=F7,mastoids,,?V
Ch5=FT9,mastoids,,?V
Ch6=FC5,mastoids,,?V
Ch7=FC1,mastoids,,?V
Ch8=C3,mastoids,,?V
Ch9=T7,mastoids,,?V
Ch10=CP5,mastoids,,?V
Ch11=CP1,mastoids,,?V
Ch12=Pz,mastoids,,?V
Ch13=P3,mastoids,,?V
Ch14=P7,mastoids,,?V
Ch15=O1,mastoids,,?V
Ch16=Oz,mastoids,,?V
Ch17=O2,mastoids,,?V
Ch18=P4,mastoids,,?V
Ch19=P8,mastoids,,?V
Ch20=CP6,mastoids,,?V
Ch21=CP2,mastoids,,?V
Ch22=Cz,mastoids,,?V
Ch23=C4,mastoids,,?V
Ch24=T8,mastoids,,?V
Ch25=FT10,mastoids,,?V
Ch26=FC6,mastoids,,?V
Ch27=FC2,mastoids,,?V
Ch28=F4,mastoids,,?V
Ch29=F8,mastoids,,?V
Ch30=Fp2,mastoids,,?V
Ch31=FCz,mastoids,,µV

[Channel User Infos]
; Each entry: Prop<Number>=Ch<ChannelNumber>,<Type>,<Name>,<Value>,<Value2>,...,<ValueN>
; Property number must be unique. Types can be int, single, string, bool, byte, double, uint
; or arrays of those, indicated int-array etc
; Array types have more than one value, number of values determines size of array.
; Fields are delimited by commas, commas in strings are written \1
; Properties are assigned to channels using their channel number.

[Coordinates]
; Each entry: Ch<Channel number>=<Radius>,<Theta>,<Phi>
Ch1=1,-90,-72
Ch2=1,45,90
Ch3=1,-60,-51
Ch4=1,-90,-36
Ch5=1,-113,-18
Ch6=1,-69,-21
Ch7=1,-31,-46
Ch8=1,-45,0
Ch9=1,-90,0
Ch10=1,-69,21
Ch11=1,-31,46
Ch12=1,45,-90
Ch13=1,-60,51
Ch14=1,-90,36
Ch15=1,-90,72
Ch16=1,90,-90
Ch17=1,90,-72
Ch18=1,60,-51
Ch19=1,90,-36
Ch20=1,69,-21
Ch21=1,31,-46
Ch22=1,0,0
Ch23=1,45,0
Ch24=1,90,0
Ch25=1,113,18
Ch26=1,69,21
Ch27=1,31,46
Ch28=1,60,51
Ch29=1,90,36
Ch30=1,90,72
Ch31=1,23,90
