BrainVision Data Exchange Header File Version 2.0
; Data created from history path: rs-10/Raw Data/Raw Data Inspection 1/New Reference/Filters/Ocular Correction ICA/Segmentation S12

[Common Infos]
Codepage=UTF-8
DataFile=10_RS_eyes_closed.txt
DataFormat=ASCII
; Data orientation: VECTORIZED=ch1,pt1, ch1,pt2..., MULTIPLEXED=ch1,pt1, ch2,pt1 ...
DataOrientation=VECTORIZED
DataType=TIMEDOMAIN
NumberOfChannels=36
DataPoints=150008
; Sampling interval in microseconds if time domain (convert to Hertz:
; 1000000 / SamplingInterval) or in Hertz if frequency domain:
SamplingInterval=2000

[User Infos]
; Each entry: Prop<Number>=<Type>,<Name>,<Value>,<Value2>,...,<ValueN>
; Property number must be unique. Types can be int, single, string, bool, byte, double, uint
; or arrays of those, indicated int-array etc
; Array types have more than one value, number of values determines size of array.
; Fields are delimited by commas, commas in strings are written \1

[ASCII Infos]
; Decimal symbol for floating point numbers: the header file always uses a dot (.),
; however the data file might use a different one
DecimalSymbol=,
; SkipLines, SkipColumns: leading lines and columns with additional information.
SkipLines=0
SkipColumns=1

[Channel Infos]
; Each entry: Ch<Channel number>=<Name>,<Reference channel name>,
; <Resolution in "Unit">,<Unit>, Future extensions...
; Fields are delimited by commas, some fields might be omitted (empty).
; Commas in channel names are coded as "\1".
Ch1=Fp1,mastoids,,?V
Ch2=Fz,mastoids,,?V
Ch3=F3,mastoids,,?V
Ch4=F7,mastoids,,?V
Ch5=FT9,mastoids,,?V
Ch6=FC5,mastoids,,?V
Ch7=FC1,mastoids,,?V
Ch8=C3,mastoids,,?V
Ch9=T7,mastoids,,?V
Ch10=TP9,,,?V
Ch11=CP5,mastoids,,?V
Ch12=CP1,mastoids,,?V
Ch13=Pz,mastoids,,?V
Ch14=P3,mastoids,,?V
Ch15=P7,mastoids,,?V
Ch16=O1,mastoids,,?V
Ch17=Oz,mastoids,,?V
Ch18=O2,mastoids,,?V
Ch19=P4,mastoids,,?V
Ch20=P8,mastoids,,?V
Ch21=TP10,,,?V
Ch22=CP6,mastoids,,?V
Ch23=CP2,mastoids,,?V
Ch24=Cz,mastoids,,?V
Ch25=C4,mastoids,,?V
Ch26=T8,mastoids,,?V
Ch27=FT10,mastoids,,?V
Ch28=FC6,mastoids,,?V
Ch29=FC2,mastoids,,?V
Ch30=F4,mastoids,,?V
Ch31=F8,mastoids,,?V
Ch32=Fp2,mastoids,,?V
Ch33=x_dir,,,mg
Ch34=y_dir,,,mg
Ch35=z_dir,,,mg
Ch36=FCz,mastoids,,µV

[Channel User Infos]
; Each entry: Prop<Number>=Ch<ChannelNumber>,<Type>,<Name>,<Value>,<Value2>,...,<ValueN>
; Property number must be unique. Types can be int, single, string, bool, byte, double, uint
; or arrays of those, indicated int-array etc
; Array types have more than one value, number of values determines size of array.
; Fields are delimited by commas, commas in strings are written \1
; Properties are assigned to channels using their channel number.

[Coordinates]
; Each entry: Ch<Channel number>=<Radius>,<Theta>,<Phi>
Ch1=1,-90,-72
Ch2=1,45,90
Ch3=1,-60,-51
Ch4=1,-90,-36
Ch5=1,-113,-18
Ch6=1,-69,-21
Ch7=1,-31,-46
Ch8=1,-45,0
Ch9=1,-90,0
Ch10=1,-113,18
Ch11=1,-69,21
Ch12=1,-31,46
Ch13=1,45,-90
Ch14=1,-60,51
Ch15=1,-90,36
Ch16=1,-90,72
Ch17=1,90,-90
Ch18=1,90,-72
Ch19=1,60,-51
Ch20=1,90,-36
Ch21=1,113,-18
Ch22=1,69,-21
Ch23=1,31,-46
Ch24=1,0,0
Ch25=1,45,0
Ch26=1,90,0
Ch27=1,113,18
Ch28=1,69,21
Ch29=1,31,46
Ch30=1,60,51
Ch31=1,90,36
Ch32=1,90,72
Ch33=0,0,0
Ch34=0,0,0
Ch35=0,0,0
Ch36=1,23,90
